GEM
  remote: https://rubygems.org/
  specs:
    addressable (2.5.1)
      public_suffix (~> 2.0, >= 2.0.2)
    json-schema (2.8.0)
      addressable (>= 2.4)
    public_suffix (2.0.5)

PLATFORMS
  ruby

DEPENDENCIES
  json-schema

BUNDLED WITH
   1.14.6
